PATH
  remote: .
  specs:
    nokote (0.0.1)

GEM
  remote: https://rubygems.org/
  specs:
    base32 (0.3.2)
    json (1.8.1)
    mini_portile (0.5.2)
    minitest (5.3.4)
    nokogiri (1.6.1)
      mini_portile (~> 0.5.0)
    rake (10.3.2)

PLATFORMS
  ruby

DEPENDENCIES
  base32
  bundler (~> 1.6)
  json
  minitest
  nokogiri
  nokote!
  rake
